GEM
  remote: http://rubygems.org/
  specs:
    POpen4 (0.1.4)
      Platform (>= 0.4.0)
      open4
    Platform (0.4.0)
    addressable (2.2.6)
    chunky_png (1.2.0)
    closure-compiler (1.1.1)
    coffee-script (2.2.0)
      coffee-script-source
      execjs
    coffee-script-source (1.1.1)
    compass (0.11.1)
      chunky_png (~> 1.1)
      fssm (>= 0.2.7)
      sass (~> 3.1)
    em-websocket (0.2.1)
      addressable (>= 2.1.1)
      eventmachine (>= 0.12.9)
    eventmachine (0.12.10)
    execjs (1.0.0)
      multi_json (~> 1.0)
    fssm (0.2.7)
    growl (1.0.3)
    guard (0.3.4)
      thor (~> 0.14.6)
    guard-coffeescript (0.2.3)
      coffee-script (~> 2.2.0)
      guard (~> 0.3.0)
    guard-compass (0.0.6)
      compass (>= 0.10.5)
      guard (>= 0.2.1)
    guard-jammit (0.1.0)
      guard
      jammit
    guard-livereload (0.1.11)
      em-websocket (~> 0.2.0)
      guard (>= 0.2.2)
      json (~> 1.5.1)
    jammit (0.6.0)
      closure-compiler (>= 0.1.0)
      yui-compressor (>= 0.9.1)
    json (1.5.1)
    multi_json (1.0.3)
    open4 (1.0.1)
    rb-fsevent (0.4.0)
    sass (3.1.1)
    thor (0.14.6)
    yui-compressor (0.9.6)
      POpen4 (>= 0.1.4)

PLATFORMS
  ruby

DEPENDENCIES
  compass (>= 0.11.1)
  growl
  guard
  guard-coffeescript
  guard-compass
  guard-jammit
  guard-livereload
  rb-fsevent
